GEM
  remote: https://rubygems.org/
  specs:
    mustermann (1.0.2)
    rack (2.0.5)
    rack-protection (2.0.1)
      rack
    rdiscount (2.1.7.1)
    sinatra (2.0.1)
      mustermann (~> 1.0)
      rack (~> 2.0)
      rack-protection (= 2.0.1)
      tilt (~> 2.0)
    tilt (2.0.8)

PLATFORMS
  ruby

DEPENDENCIES
  rdiscount
  sinatra (= 2.0.1)

RUBY VERSION
   ruby 2.2.2p95

BUNDLED WITH
   1.16.1
